GEM
  remote: http://rubygems.org/
  specs:
    activesupport (3.1.8)
      multi_json (>= 1.0, < 1.3)
    builder (3.0.0)
    curb (0.7.18)
    domain_name (0.5.20190701)
      unf (>= 0.0.5, < 1.0.0)
    feedzirra (0.1.3)
      activesupport (~> 3.1.1)
      builder (>= 2.1.2)
      curb (~> 0.7.15)
      i18n (>= 0.5.0)
      loofah (~> 1.2.0)
      nokogiri (>= 1.4.4)
      rake (>= 0.8.7)
      rdoc (~> 3.8)
      sax-machine (~> 0.1.0)
    http-cookie (1.0.5)
      domain_name (~> 0.5)
    i18n (0.6.0)
    json (1.7.5)
    loofah (1.2.1)
      nokogiri (>= 1.4.4)
    mime-types (2.99.3)
    multi_json (1.2.0)
    netrc (0.11.0)
    nokogiri (1.5.5)
    rake (0.9.2.2)
    rdoc (3.12)
      json (~> 1.4)
    rest-client (1.8.0)
      http-cookie (>= 1.0.2, < 2.0)
      mime-types (>= 1.16, < 3.0)
      netrc (~> 0.7)
    sax-machine (0.1.0)
      nokogiri (> 0.0.0)
    unf (0.1.4)
      unf_ext
    unf_ext (0.0.8.2)

PLATFORMS
  ruby

DEPENDENCIES
  feedzirra
  rest-client
